GEM
  remote: https://rubygems.org/
  specs:
    dotenv (2.7.2)
    httparty (0.17.0)
      mime-types (~> 3.0)
      multi_xml (>= 0.5.2)
    irb (1.0.0)
    mime-types (3.2.2)
      mime-types-data (~> 3.2015)
    mime-types-data (3.2019.0331)
    multi_xml (0.6.0)
    mustermann (1.0.3)
    mysql2 (0.5.2)
    puma (3.12.4)
    rack (2.0.7)
    rack-protection (2.0.5)
      rack
    sinatra (2.0.5)
      mustermann (~> 1.0)
      rack (~> 2.0)
      rack-protection (= 2.0.5)
      tilt (~> 2.0)
    tilt (2.0.9)

PLATFORMS
  ruby

DEPENDENCIES
  dotenv
  httparty
  irb
  mysql2
  puma
  rack
  sinatra

RUBY VERSION
   ruby 2.6.3p62

BUNDLED WITH
   2.0.1
